GEM
  remote: https://rubygems.org/
  specs:
    backports (3.21.0)
    bcrypt (3.1.16)
    erubis (2.7.0)
    minitest (5.14.4)
    multi_json (1.15.0)
    rack (1.6.13)
    rack-protection (1.5.5)
      rack
    rack-test (1.1.0)
      rack (>= 1.0, < 3)
    rake (13.0.3)
    redcarpet (3.5.1)
    sinatra (1.4.8)
      rack (~> 1.5)
      rack-protection (~> 1.4)
      tilt (>= 1.3, < 3)
    sinatra-contrib (1.4.7)
      backports (>= 2.0)
      multi_json
      rack-protection
      rack-test
      sinatra (~> 1.4.0)
      tilt (>= 1.3, < 3)
    tilt (2.0.10)
    yaml (0.1.1)

PLATFORMS
  x86_64-linux

DEPENDENCIES
  bcrypt
  erubis
  minitest
  rack-test
  rake
  redcarpet
  sinatra (~> 1.4.7)
  sinatra-contrib
  yaml

RUBY VERSION
   ruby 2.6.3p62

BUNDLED WITH
   2.2.16
